NUGET
  remote: https://www.nuget.org/api/v2
    FAKE (4.37.2)
    FParsec (1.0.2)
    FSharp.Core (4.0.0.1)
    NUnit (3.4.1)
    NUnit.ConsoleRunner (3.4.1)
